PATH
  remote: .
  specs:
    app-yml-rails (0.0.1)

GEM
  remote: http://rubygems.org/
  specs:
    coderay (1.0.6)
    method_source (0.7.1)
    pry (0.9.9.4)
      coderay (~> 1.0.5)
      method_source (~> 0.7.1)
      slop (>= 2.4.4, < 3)
    slop (2.4.4)

PLATFORMS
  ruby

DEPENDENCIES
  app-yml-rails!
  pry
